GEM
  remote: http://rubygems.org/
  specs:
    RedCloth (4.2.9)
    abstract (1.0.0)
    actionmailer (3.0.11)
      actionpack (= 3.0.11)
      mail (~> 2.2.19)
    actionpack (3.0.11)
      activemodel (= 3.0.11)
      activesupport (= 3.0.11)
      builder (~> 2.1.2)
      erubis (~> 2.6.6)
      i18n (~> 0.5.0)
      rack (~> 1.2.1)
      rack-mount (~> 0.6.14)
      rack-test (~> 0.5.7)
      tzinfo (~> 0.3.23)
    activemodel (3.0.11)
      activesupport (= 3.0.11)
      builder (~> 2.1.2)
      i18n (~> 0.5.0)
    activerecord (3.0.11)
      activemodel (= 3.0.11)
      activesupport (= 3.0.11)
      arel (~> 2.0.10)
      tzinfo (~> 0.3.23)
    activeresource (3.0.11)
      activemodel (= 3.0.11)
      activesupport (= 3.0.11)
    activesupport (3.0.11)
    addressable (2.2.6)
    archive-tar-minitar (0.5.2)
    arel (2.0.10)
    aws-s3 (0.6.2)
      builder
      mime-types
      xml-simple
    bluecloth (2.2.0)
    braintree (2.13.2)
      builder (>= 2.0.0)
    bson (1.5.2)
    bson_ext (1.5.2)
      bson (= 1.5.2)
    builder (2.1.2)
    capybara (1.1.2)
      mime-types (>= 1.16)
      nokogiri (>= 1.3.3)
      rack (>= 1.0.0)
      rack-test (>= 0.5.4)
      selenium-webdriver (~> 2.0)
      xpath (~> 0.1.4)
    childprocess (0.2.6)
      ffi (~> 1.0.6)
    chunky_png (1.2.5)
    cocaine (0.2.1)
    columnize (0.3.6)
    compass (0.11.7)
      chunky_png (~> 1.2)
      fssm (>= 0.2.7)
      sass (~> 3.1)
    crack (0.1.8)
    cucumber (1.1.4)
      builder (>= 2.1.2)
      diff-lcs (>= 1.1.2)
      gherkin (~> 2.7.1)
      json (>= 1.4.6)
      term-ansicolor (>= 1.0.6)
    cucumber-rails (1.2.1)
      capybara (>= 1.1.2)
      cucumber (>= 1.1.3)
      nokogiri (>= 1.5.0)
    daemons (1.1.5)
    database_cleaner (0.7.0)
    diff-lcs (1.1.3)
    dynamic_form (1.1.4)
    email_spec (1.2.1)
      mail (~> 2.2)
      rspec (~> 2.0)
    erubis (2.6.6)
      abstract (>= 1.0.0)
    escape_utils (0.2.4)
    eventmachine (0.12.10)
    factory_girl (2.3.2)
      activesupport
    factory_girl_rails (1.4.0)
      factory_girl (~> 2.3.0)
      railties (>= 3.0.0)
    ffi (1.0.11)
    formatize (1.0.1)
      RedCloth (~> 4.2)
      actionpack (~> 3.0)
      bluecloth (~> 2.0)
    fssm (0.2.8.1)
    gherkin (2.7.2)
      json (>= 1.4.6)
    haml (3.1.4)
    haml-rails (0.3.4)
      actionpack (~> 3.0)
      activesupport (~> 3.0)
      haml (~> 3.0)
      railties (~> 3.0)
    heroku (2.17.0)
      launchy (>= 0.3.2)
      rest-client (~> 1.6.1)
      rubyzip
      term-ansicolor (~> 1.0.5)
    hoptoad_notifier (2.4.11)
      activesupport
      builder
    httparty (0.7.8)
      crack (= 0.1.8)
    i18n (0.5.0)
    jquery-rails (1.0.19)
      railties (~> 3.0)
      thor (~> 0.14)
    json (1.6.4)
    launchy (2.0.5)
      addressable (~> 2.2.6)
    linecache (0.46)
      rbx-require-relative (> 0.0.4)
    linecache19 (0.5.12)
      ruby_core_source (>= 0.1.4)
    mail (2.2.19)
      activesupport (>= 2.3.6)
      i18n (>= 0.4.0)
      mime-types (~> 1.16)
      treetop (~> 1.4.8)
    mime-types (1.17.2)
    mongo (1.5.2)
      bson (= 1.5.2)
    mongoid (2.2.5)
      activemodel (~> 3.0)
      mongo (~> 1.3)
      tzinfo (~> 0.3.22)
    mongoid-paperclip (0.0.7)
      paperclip (>= 2.3.6)
    multi_json (1.0.4)
    newrelic_rpm (3.3.1)
    nokogiri (1.5.0)
    paperclip (2.4.5)
      activerecord (>= 2.3.0)
      activesupport (>= 2.3.2)
      cocaine (>= 0.0.2)
      mime-types
    polyglot (0.3.3)
    powify (0.8.2)
      json
      rake
      rdoc
    rack (1.2.5)
    rack-mount (0.6.14)
      rack (>= 1.0.0)
    rack-ssl (1.3.2)
      rack
    rack-test (0.5.7)
      rack (>= 1.0)
    rails (3.0.11)
      actionmailer (= 3.0.11)
      actionpack (= 3.0.11)
      activerecord (= 3.0.11)
      activeresource (= 3.0.11)
      activesupport (= 3.0.11)
      bundler (~> 1.0)
      railties (= 3.0.11)
    rails3-generators (0.17.4)
      railties (>= 3.0.0)
    railties (3.0.11)
      actionpack (= 3.0.11)
      activesupport (= 3.0.11)
      rake (>= 0.8.7)
      rdoc (~> 3.4)
      thor (~> 0.14.4)
    rake (0.9.2.2)
    rbx-require-relative (0.0.5)
    rdoc (3.12)
      json (~> 1.4)
    rest-client (1.6.7)
      mime-types (>= 1.16)
    rspec (2.8.0)
      rspec-core (~> 2.8.0)
      rspec-expectations (~> 2.8.0)
      rspec-mocks (~> 2.8.0)
    rspec-core (2.8.0)
    rspec-expectations (2.8.0)
      diff-lcs (~> 1.1.2)
    rspec-mocks (2.8.0)
    rspec-rails (2.8.1)
      actionpack (>= 3.0)
      activesupport (>= 3.0)
      railties (>= 3.0)
      rspec (~> 2.8.0)
    ruby-debug (0.10.4)
      columnize (>= 0.1)
      ruby-debug-base (~> 0.10.4.0)
    ruby-debug-base (0.10.4)
      linecache (>= 0.3)
    ruby-debug-base19 (0.11.25)
      columnize (>= 0.3.1)
      linecache19 (>= 0.5.11)
      ruby_core_source (>= 0.1.4)
    ruby-debug19 (0.11.6)
      columnize (>= 0.3.1)
      linecache19 (>= 0.5.11)
      ruby-debug-base19 (>= 0.11.19)
    ruby_core_source (0.1.5)
      archive-tar-minitar (>= 0.5.2)
    rubyzip (0.9.5)
    sass (3.1.12)
    selenium-webdriver (2.16.0)
      childprocess (>= 0.2.5)
      ffi (~> 1.0.9)
      multi_json (~> 1.0.4)
      rubyzip
    sequel (3.20.0)
    sinatra (1.0)
      rack (>= 1.0)
    sqlite3 (1.3.5)
    sqlite3-ruby (1.3.3)
      sqlite3 (>= 1.3.3)
    stringex (1.3.0)
    taps (0.3.23)
      rack (>= 1.0.1)
      rest-client (>= 1.4.0, < 1.7.0)
      sequel (~> 3.20.0)
      sinatra (~> 1.0.0)
      sqlite3-ruby (~> 1.2)
    term-ansicolor (1.0.7)
    thin (1.3.1)
      daemons (>= 1.0.9)
      eventmachine (>= 0.12.6)
      rack (>= 1.0.0)
    thor (0.14.6)
    treetop (1.4.10)
      polyglot
      polyglot (>= 0.3.1)
    tzinfo (0.3.31)
    will_paginate (3.0.2)
    wirble (0.1.3)
    xml-simple (1.1.1)
    xpath (0.1.4)
      nokogiri (~> 1.3)

PLATFORMS
  ruby

DEPENDENCIES
  aws-s3
  braintree
  bson_ext (~> 1.2)
  capybara
  compass
  cucumber
  cucumber-rails
  database_cleaner
  dynamic_form
  email_spec
  escape_utils
  factory_girl_rails
  formatize
  haml
  haml-rails
  heroku
  hoptoad_notifier
  httparty (~> 0.7.8)
  jquery-rails
  launchy
  mongoid (~> 2.2.0)
  mongoid-paperclip
  multi_json
  newrelic_rpm
  nokogiri
  powify
  rack-ssl
  rails (~> 3.0.9)
  rails3-generators
  rspec
  rspec-rails
  ruby-debug
  ruby-debug19
  stringex
  taps
  thin
  will_paginate (~> 3.0.2)
  wirble
